{
	"Modality": "MR",
	"MagneticFieldStrength": 3,
	"Manufacturer": "Siemens",
	"ManufacturersModelName": "Prisma_fit",
	"InstitutionName": "CBIC",
	"InstitutionalDepartmentName": "Department",
	"InstitutionAddress": "E_72nd_Street_516_NYC_NYC_US_10021",
	"DeviceSerialNumber": "67080",
	"StationName": "MRTRIO3TX72",
	"BodyPartExamined": "BRAIN",
	"PatientPosition": "HFS",
	"ProcedureStepDescription": "CORNELL_LISTON",
	"SoftwareVersions": "syngo_MR_E11",
	"MRAcquisitionType": "2D",
	"SeriesDescription": "rfMRI_REST-1_AP=5ECHOES",
	"ProtocolName": "rfMRI_REST-1_AP=5ECHOES",
	"ScanningSequence": "EP",
	"SequenceVariant": "SK_SS_OSP",
	"ScanOptions": "PFP_FS_EXT",
	"SequenceName": "epfid2d5_77",
	"ImageType": ["ORIGINAL", "PRIMARY", "M", "MB", "TE1", "ND", "MOSAIC"],
	"SeriesNumber": 27,
	"AcquisitionTime": "13:34:29.075000",
	"AcquisitionNumber": 1,
	"ImageComments": "Unaliased_MB6_PE4",
	"SliceThickness": 2.4,
	"SpacingBetweenSlices": 2.4,
	"SAR": 0.102296,
	"EchoTime": 0.0134,
	"RepetitionTime": 1.355,
	"FlipAngle": 68,
	"PartialFourier": 0.875,
	"BaseResolution": 90,
	"ShimSetting": [
		171,
		-10409,
		-5627,
		356,
		-4,
		-193,
		-11,
		54	],
	"TxRefAmp": 315.311,
	"PhaseResolution": 0.85,
	"ReceiveCoilName": "Head_32",
	"ReceiveCoilActiveElements": "HEA;HEP",
	"PulseSequenceDetails": "%CustomerSeq%_cmrr_mbep2d_bold",
	"ConsistencyInfo": "N4_VE11B_LATEST_20150530",
	"MultibandAccelerationFactor": 6,
	"PercentPhaseFOV": 100,
	"EchoTrainLength": 34,
	"PhaseEncodingSteps": 67,
	"AcquisitionMatrixPE": 76,
	"ReconMatrixPE": 90,
	"BandwidthPerPixelPhaseEncode": 45.057,
	"ParallelReductionFactorInPlane": 2,
	"EffectiveEchoSpacing": 0.000246601,
	"DerivedVendorReportedEchoSpacing": 0.000493202,
	"TotalReadoutTime": 0.0219475,
	"PixelBandwidth": 2645,
	"DwellTime": 2.1e-06,
	"PhaseEncodingDirection": "j-",
	"SliceTiming": [
		0,
		0.5575,
		1.1125,
		0.335,
		0.89,
		0.1125,
		0.6675,
		1.225,
		0.445,
		1.0025,
		0.2225,
		0.78,
		0,
		0.5575,
		1.1125,
		0.335,
		0.89,
		0.1125,
		0.6675,
		1.225,
		0.445,
		1.0025,
		0.2225,
		0.78,
		0,
		0.5575,
		1.1125,
		0.335,
		0.89,
		0.1125,
		0.6675,
		1.225,
		0.445,
		1.0025,
		0.2225,
		0.78,
		0,
		0.5575,
		1.1125,
		0.335,
		0.89,
		0.1125,
		0.6675,
		1.225,
		0.445,
		1.0025,
		0.2225,
		0.78,
		0,
		0.5575,
		1.1125,
		0.335,
		0.89,
		0.1125,
		0.6675,
		1.225,
		0.445,
		1.0025,
		0.2225,
		0.78,
		0,
		0.5575,
		1.1125,
		0.335,
		0.89,
		0.1125,
		0.6675,
		1.225,
		0.445,
		1.0025,
		0.2225,
		0.78	],
	"ImageOrientationPatientDICOM": [
		1,
		0,
		0,
		0,
		1,
		0	],
	"InPlanePhaseEncodingDirectionDICOM": "COL",
	"ConversionSoftware": "dcm2niix",
	"ConversionSoftwareVersion": "v1.0.20171215 (OpenJPEG build) GCC7.3.0"
}
