{
	"Modality": "MR",
	"MagneticFieldStrength": 3,
	"Manufacturer": "Siemens",
	"ManufacturersModelName": "Prisma_fit",
	"InstitutionName": "CBIC",
	"InstitutionalDepartmentName": "Department",
	"InstitutionAddress": "E_72nd_Street_516_NYC_NYC_US_10021",
	"DeviceSerialNumber": "67080",
	"StationName": "MRTRIO3TX72",
	"BodyPartExamined": "BRAIN",
	"PatientPosition": "HFS",
	"ProcedureStepDescription": "CORNELL_LISTON",
	"SoftwareVersions": "syngo_MR_E11",
	"MRAcquisitionType": "2D",
	"SeriesDescription": "SpinEchoFieldMap_AP=",
	"ProtocolName": "SpinEchoFieldMap_AP=",
	"ScanningSequence": "EP",
	"SequenceVariant": "SK_SP_OSP",
	"ScanOptions": "PFP_FS",
	"SequenceName": "_epse2d1_77",
	"ImageType": ["ORIGINAL", "PRIMARY", "M", "ND"],
	"SeriesNumber": 5,
	"AcquisitionTime": "12:00:2.762500",
	"AcquisitionNumber": 1,
	"SliceThickness": 2.4,
	"SpacingBetweenSlices": 2.4,
	"SAR": 0.0740603,
	"EchoTime": 0.075,
	"RepetitionTime": 7.08,
	"FlipAngle": 90,
	"PartialFourier": 0.875,
	"BaseResolution": 90,
	"ShimSetting": [
		182,
		-10395,
		-5627,
		376,
		-2,
		-151,
		3,
		44	],
	"TxRefAmp": 298.875,
	"PhaseResolution": 0.85,
	"VendorReportedEchoSpacing": 0.00052,
	"ReceiveCoilName": "Head_32",
	"ReceiveCoilActiveElements": "HEA;HEP",
	"PulseSequenceDetails": "%SiemensSeq%_ep2d_se",
	"ConsistencyInfo": "N4_VE11B_LATEST_20150530",
	"PercentPhaseFOV": 100,
	"EchoTrainLength": 34,
	"PhaseEncodingSteps": 67,
	"AcquisitionMatrixPE": 76,
	"ReconMatrixPE": 90,
	"BandwidthPerPixelPhaseEncode": 42.458,
	"ParallelReductionFactorInPlane": 2,
	"EffectiveEchoSpacing": 0.000261697,
	"DerivedVendorReportedEchoSpacing": 0.000523393,
	"TotalReadoutTime": 0.023291,
	"PixelBandwidth": 2315,
	"DwellTime": 2.4e-06,
	"PhaseEncodingDirection": "j-",
	"ImageOrientationPatientDICOM": [
		1,
		0,
		0,
		0,
		1,
		0	],
	"InPlanePhaseEncodingDirectionDICOM": "COL",
	"ConversionSoftware": "dcm2niix",
	"ConversionSoftwareVersion": "v1.0.20171215 (OpenJPEG build) GCC7.3.0"
}
